PATH
  remote: .
  specs:
    ruby-pinyin (0.4.4)
      rmmseg-cpp (~> 0.2)

GEM
  remote: https://rubygems.org/
  specs:
    minitest (5.4.0)
    rake (10.2.2)
    rmmseg-cpp (0.2.9)

PLATFORMS
  ruby

DEPENDENCIES
  minitest (~> 5.4)
  rake
  ruby-pinyin!
