PATH
  remote: .
  specs:
    ruby-pinyin (0.4.8)
      rmmseg-cpp-new (~> 0.2)

GEM
  remote: https://rubygems.org/
  specs:
    minitest (5.8.4)
    rake (11.1.2)
    rmmseg-cpp-new (0.2.9)

PLATFORMS
  ruby
  x86-mingw32

DEPENDENCIES
  minitest (~> 5.4)
  rake
  ruby-pinyin!

BUNDLED WITH
   1.11.2
